PATH
  remote: .
  specs:
    hud (0.1.0)

GEM
  remote: https://rubygems.org/
  specs:
    mote (1.3.0)
    rake (12.3.3)
    thor (1.0.1)

PLATFORMS
  ruby

DEPENDENCIES
  hud!
  mote
  rake (~> 12.0)
  thor

BUNDLED WITH
   2.1.4
